PATH
  remote: vendor/db-charmer
  specs:
    db-charmer (1.7.0.pre6)
      activerecord (< 3.1)
      activesupport (< 3.1)

GEM
  remote: http://rubygems.org/
  specs:
    actionmailer (2.3.11)
      actionpack (= 2.3.11)
    actionpack (2.3.11)
      activesupport (= 2.3.11)
      rack (~> 1.1.0)
    activerecord (2.3.11)
      activesupport (= 2.3.11)
    activeresource (2.3.11)
      activesupport (= 2.3.11)
    activesupport (2.3.11)
    hoe (2.8.0)
      rake (>= 0.8.7)
    mysql (2.8.1)
    rack (1.1.2)
    rails (2.3.11)
      actionmailer (= 2.3.11)
      actionpack (= 2.3.11)
      activerecord (= 2.3.11)
      activeresource (= 2.3.11)
      activesupport (= 2.3.11)
      rake (>= 0.8.3)
    rake (0.8.7)
    rspec (1.3.2)
    rspec-rails (1.3.4)
      rack (>= 1.0.0)
      rspec (~> 1.3.1)
    test-unit (1.2.3)
      hoe (>= 1.5.1)

PLATFORMS
  ruby

DEPENDENCIES
  db-charmer!
  hoe (= 2.8.0)
  mysql
  rails (= 2.3.11)
  rake
  rspec (= 1.3.2)
  rspec-rails (= 1.3.4)
  test-unit (= 1.2.3)
