GEM
  remote: http://rubygems.org/
  specs:
    actionmailer (2.2.3)
      actionpack (= 2.2.3)
    actionpack (2.2.3)
      activesupport (= 2.2.3)
    activerecord (2.2.3)
      activesupport (= 2.2.3)
    activeresource (2.2.3)
      activesupport (= 2.2.3)
    activesupport (2.2.3)
    hoe (2.8.0)
      rake (>= 0.8.7)
    mysql (2.8.1)
    rack (1.3.0)
    rails (2.2.3)
      actionmailer (= 2.2.3)
      actionpack (= 2.2.3)
      activerecord (= 2.2.3)
      activeresource (= 2.2.3)
      activesupport (= 2.2.3)
      rake (>= 0.8.3)
    rake (0.9.0)
    rspec (1.3.2)
    rspec-rails (1.3.4)
      rack (>= 1.0.0)
      rspec (~> 1.3.1)
    test-unit (1.2.3)
      hoe (>= 1.5.1)

PLATFORMS
  ruby

DEPENDENCIES
  hoe (= 2.8.0)
  mysql
  rails (= 2.2.3)
  rake
  rspec (= 1.3.2)
  rspec-rails (= 1.3.4)
  test-unit (= 1.2.3)
